PATH
  remote: /home/james/ra/crossbeams/crossbeams-dataminer_interface
  specs:
    crossbeams-dataminer_interface (0.1.0)
      axlsx
      crossbeams-dataminer
      crossbeams-layout
      roda (~> 2.25)
      rouge
      tilt

PATH
  remote: /home/james/ra/crossbeams/crossbeams-dataminer
  specs:
    crossbeams-dataminer (0.1.0)
      pg_query (= 0.11.5)

PATH
  remote: /home/james/ra/crossbeams/crossbeams-layout
  specs:
    crossbeams-layout (0.1.0)
      rouge

GEM
  remote: https://rubygems.org/
  specs:
    axlsx (2.0.1)
      htmlentities (~> 4.3.1)
      nokogiri (>= 1.4.1)
      rubyzip (~> 1.0.0)
    byebug (9.0.6)
    clipboard (1.1.1)
    coderay (1.1.1)
    dotenv (2.2.1)
    ffi (1.9.18)
    htmlentities (4.3.4)
    json (2.1.0)
    listen (3.1.5)
      rb-fsevent (~> 0.9, >= 0.9.4)
      rb-inotify (~> 0.9, >= 0.9.7)
      ruby_dep (~> 1.2)
    method_source (0.8.2)
    mini_portile2 (2.1.0)
    nokogiri (1.7.1)
      mini_portile2 (~> 2.1.0)
    pg (0.20.0)
    pg_query (0.11.5)
      json (>= 1.8, < 3)
    pry (0.10.4)
      coderay (~> 1.1.0)
      method_source (~> 0.8.1)
      slop (~> 3.4)
    pry-byebug (3.4.2)
      byebug (~> 9.0)
      pry (~> 0.10)
    pry-clipboard (0.1.1)
      clipboard
      pry
    pry-doc (0.10.0)
      pry (~> 0.9)
      yard (~> 0.9)
    rack (2.0.1)
    rack-console (1.3.1)
      rack (>= 1.1)
      rack-test
    rack-test (0.6.3)
      rack (>= 1.0)
    rake (12.2.1)
    rb-fsevent (0.9.8)
    rb-inotify (0.9.8)
      ffi (>= 0.5.0)
    rerun (0.11.0)
      listen (~> 3.0)
    roda (2.25.0)
      rack
    rouge (2.0.7)
    ruby_dep (1.5.0)
    rubyzip (1.0.0)
    sass (3.4.23)
    sequel (4.45.0)
    slop (3.6.0)
    tilt (2.0.7)
    yard (0.9.9)

PLATFORMS
  ruby

DEPENDENCIES
  crossbeams-dataminer!
  crossbeams-dataminer_interface!
  crossbeams-layout!
  dotenv
  pg
  pry
  pry-byebug
  pry-clipboard
  pry-doc
  rack-console
  rake
  rerun
  roda (~> 2.25)
  sass
  sequel
  tilt

BUNDLED WITH
   1.15.4
