PATH
  remote: /home/james/ra/crossbeams/crossbeams-dataminer_interface
  specs:
    crossbeams-dataminer_interface (0.1.1)
      axlsx
      crossbeams-dataminer
      crossbeams-layout
      roda
      rouge
      tilt

PATH
  remote: /home/james/ra/crossbeams/crossbeams-dataminer
  specs:
    crossbeams-dataminer (0.1.1)
      pg_query (= 1.0.1)

PATH
  remote: /home/james/ra/crossbeams/crossbeams-layout
  specs:
    crossbeams-layout (0.1.1)
      rouge

GEM
  remote: https://rubygems.org/
  specs:
    axlsx (2.0.1)
      htmlentities (~> 4.3.1)
      nokogiri (>= 1.4.1)
      rubyzip (~> 1.0.0)
    byebug (10.0.0)
    clipboard (1.1.1)
    coderay (1.1.2)
    dotenv (2.2.1)
    ffi (1.9.21)
    htmlentities (4.3.4)
    listen (3.1.5)
      rb-fsevent (~> 0.9, >= 0.9.4)
      rb-inotify (~> 0.9, >= 0.9.7)
      ruby_dep (~> 1.2)
    method_source (0.9.0)
    mini_portile2 (2.3.0)
    nokogiri (1.8.2)
      mini_portile2 (~> 2.3.0)
    pg (1.0.0)
    pg_query (1.0.1)
    pry (0.11.3)
      coderay (~> 1.1.0)
      method_source (~> 0.9.0)
    pry-byebug (3.6.0)
      byebug (~> 10.0)
      pry (~> 0.10)
    pry-clipboard (0.1.1)
      clipboard
      pry
    pry-doc (0.12.0)
      pry (~> 0.9)
      yard (~> 0.9)
    rack (2.0.4)
    rack-console (1.3.1)
      rack (>= 1.1)
      rack-test
    rack-test (0.8.2)
      rack (>= 1.0, < 3)
    rake (12.3.0)
    rb-fsevent (0.10.2)
    rb-inotify (0.9.10)
      ffi (>= 0.5.0, < 2)
    rerun (0.13.0)
      listen (~> 3.0)
    roda (3.4.0)
      rack
    rouge (3.1.1)
    ruby_dep (1.5.0)
    rubyzip (1.0.0)
    sass (3.5.5)
      sass-listen (~> 4.0.0)
    sass-listen (4.0.0)
      rb-fsevent (~> 0.9, >= 0.9.4)
      rb-inotify (~> 0.9, >= 0.9.7)
    sequel (5.5.0)
    tilt (2.0.8)
    yard (0.9.12)

PLATFORMS
  ruby

DEPENDENCIES
  crossbeams-dataminer!
  crossbeams-dataminer_interface!
  crossbeams-layout!
  dotenv
  pg
  pry
  pry-byebug
  pry-clipboard
  pry-doc
  rack-console
  rake
  rerun
  roda
  sass
  sequel
  tilt

BUNDLED WITH
   1.16.1
